GEM
  remote: https://rubygems.org/
  specs:
    addressable (2.3.6)
    autoparse (0.3.3)
      addressable (>= 2.3.1)
      extlib (>= 0.9.15)
      multi_json (>= 1.0.0)
    bson (1.12.4)
    bson_ext (1.12.4)
      bson (~> 1.12.4)
    celluloid (0.15.2)
      timers (~> 1.1.0)
    coderay (1.0.9)
    coffee-script (2.2.0)
      coffee-script-source
      execjs
    coffee-script-source (1.6.3)
    daemons (1.1.9)
    dalli (2.6.4)
    em-websocket (0.5.0)
      eventmachine (>= 0.12.9)
      http_parser.rb (~> 0.5.3)
    eventmachine (1.0.9.1)
    execjs (2.0.2)
    extlib (0.9.16)
    faraday (0.9.0)
      multipart-post (>= 1.2, < 3)
    ffi (1.9.0)
    formatador (0.2.4)
    google-api-client (0.7.1)
      addressable (>= 2.3.2)
      autoparse (>= 0.3.3)
      extlib (>= 0.9.15)
      faraday (>= 0.9.0)
      jwt (>= 0.1.5)
      launchy (>= 2.1.1)
      multi_json (>= 1.0.0)
      retriable (>= 1.4)
      signet (>= 0.5.0)
      uuidtools (>= 2.1.0)
    guard (2.2.2)
      formatador (>= 0.2.4)
      listen (~> 2.1)
      lumberjack (~> 1.0)
      pry (>= 0.9.12)
      thor (>= 0.18.1)
    guard-coffeescript (1.3.4)
      coffee-script (>= 2.2.0)
      guard (>= 1.1.0)
    guard-livereload (2.0.0)
      em-websocket (~> 0.5)
      guard (~> 2.0)
      multi_json (~> 1.8)
    guard-sass (1.3.2)
      guard (>= 1.1.0)
      sass (>= 3.1)
    guard-shell (0.5.1)
      guard (>= 1.1.0)
    haml (4.0.3)
      tilt
    http_parser.rb (0.5.3)
    jwt (1.2.0)
    launchy (2.4.3)
      addressable (~> 2.3)
    listen (2.1.1)
      celluloid (>= 0.15.2)
      rb-fsevent (>= 0.9.3)
      rb-inotify (>= 0.9)
    lumberjack (1.0.4)
    method_source (0.8.2)
    mime-types (1.25)
    mongo (1.12.4)
      bson (= 1.12.4)
    mongodb (2.0.2)
      mongo (~> 1.4)
    mongodb_model (2.0.2)
      mongodb
      ruby_ext
      validatable2
    multi_json (1.8.2)
    multipart-post (2.0.0)
    pry (0.9.12.2)
      coderay (~> 1.0.5)
      method_source (~> 0.8)
      slop (~> 3.4)
    rack (1.5.2)
    rack-cache (1.2)
      rack (>= 0.4)
    rack-protection (1.5.1)
      rack
    rake (10.1.0)
    rb-fsevent (0.9.3)
    rb-inotify (0.9.2)
      ffi (>= 0.5.0)
    rest-client (1.6.7)
      mime-types (>= 1.16)
    retriable (1.4.1)
    ruby_ext (4.0.3)
    sass (3.2.12)
    signet (0.5.1)
      addressable (>= 2.2.3)
      faraday (>= 0.9.0.rc5)
      jwt (>= 0.1.5)
      multi_json (>= 1.0.0)
    sinatra (1.4.4)
      rack (~> 1.4)
      rack-protection (~> 1.4)
      tilt (~> 1.3, >= 1.3.4)
    slop (3.4.6)
    thin (1.6.3)
      daemons (~> 1.0, >= 1.0.9)
      eventmachine (~> 1.0)
      rack (~> 1.0)
    thor (0.18.1)
    tilt (1.4.1)
    timers (1.1.0)
    uuidtools (2.1.5)
    validatable2 (0.0.14)
    yajl-ruby (1.3.1)

PLATFORMS
  ruby

DEPENDENCIES
  bson (~> 1.12.0)
  bson_ext (~> 1.12.0)
  dalli (~> 2.6)
  eventmachine (~> 1.0.4)
  google-api-client (~> 0.7.1)
  guard (~> 2.2)
  guard-coffeescript (~> 1.3)
  guard-livereload (~> 2.0)
  guard-sass (~> 1.3)
  guard-shell (~> 0.5)
  haml (~> 4.0)
  mongo (~> 1.12.0)
  mongodb_model (~> 2.0.2)
  rack-cache (~> 1.2)
  rake
  rest-client (~> 1.6.7)
  sass (~> 3.1)
  sinatra (~> 1.4)
  thin
  yajl-ruby (~> 1.3.0)

RUBY VERSION
   ruby 2.2.8p477

BUNDLED WITH
   1.16.0
