GEM
  remote: https://rubygems.org/
  specs:
    addressable (2.5.2)
      public_suffix (>= 2.0.2, < 4.0)
    autoparse (0.3.3)
      addressable (>= 2.3.1)
      extlib (>= 0.9.15)
      multi_json (>= 1.0.0)
    bson (1.12.5)
    bson_ext (1.12.5)
      bson (~> 1.12.5)
    coderay (1.1.2)
    coffee-script (2.4.1)
      coffee-script-source
      execjs
    coffee-script-source (1.12.2)
    daemons (1.2.6)
    dalli (2.7.9)
    em-websocket (0.5.1)
      eventmachine (>= 0.12.9)
      http_parser.rb (~> 0.6.0)
    eventmachine (1.0.9.1)
    execjs (2.7.0)
    extlib (0.9.16)
    faraday (0.15.3)
      multipart-post (>= 1.2, < 3)
    ffi (1.9.25)
    formatador (0.2.5)
    google-api-client (0.7.1)
      addressable (>= 2.3.2)
      autoparse (>= 0.3.3)
      extlib (>= 0.9.15)
      faraday (>= 0.9.0)
      jwt (>= 0.1.5)
      launchy (>= 2.1.1)
      multi_json (>= 1.0.0)
      retriable (>= 1.4)
      signet (>= 0.5.0)
      uuidtools (>= 2.1.0)
    guard (2.15.0)
      formatador (>= 0.2.4)
      listen (>= 2.7, < 4.0)
      lumberjack (>= 1.0.12, < 2.0)
      nenv (~> 0.1)
      notiffany (~> 0.0)
      pry (>= 0.9.12)
      shellany (~> 0.0)
      thor (>= 0.18.1)
    guard-coffeescript (1.4.0)
      coffee-script (>= 2.2.0)
      guard (>= 1.1.0)
    guard-compat (1.2.1)
    guard-livereload (2.5.2)
      em-websocket (~> 0.5)
      guard (~> 2.8)
      guard-compat (~> 1.0)
      multi_json (~> 1.8)
    guard-sass (1.6.1)
      guard (>= 2.8.0)
      sass (>= 3.1)
    guard-shell (0.7.1)
      guard (>= 2.0.0)
      guard-compat (~> 1.0)
    haml (4.0.7)
      tilt
    http_parser.rb (0.6.0)
    jwt (2.1.0)
    launchy (2.4.3)
      addressable (~> 2.3)
    listen (3.1.5)
      rb-fsevent (~> 0.9, >= 0.9.4)
      rb-inotify (~> 0.9, >= 0.9.7)
      ruby_dep (~> 1.2)
    lumberjack (1.0.13)
    method_source (0.9.2)
    mime-types (2.99.3)
    mongo (1.12.5)
      bson (= 1.12.5)
    mongodb (2.1.0)
      mongo (~> 1.5)
    mongodb_model (2.0.2)
      mongodb
      ruby_ext
      validatable2
    multi_json (1.13.1)
    multipart-post (2.0.0)
    nenv (0.3.0)
    netrc (0.11.0)
    notiffany (0.1.1)
      nenv (~> 0.1)
      shellany (~> 0.0)
    pry (0.12.2)
      coderay (~> 1.1.0)
      method_source (~> 0.9.0)
    public_suffix (3.0.3)
    rack (1.6.11)
    rack-cache (1.8.0)
      rack (>= 0.4)
    rack-protection (1.5.5)
      rack
    rake (12.3.1)
    rb-fsevent (0.10.3)
    rb-inotify (0.9.10)
      ffi (>= 0.5.0, < 2)
    rest-client (1.7.3)
      mime-types (>= 1.16, < 3.0)
      netrc (~> 0.7)
    retriable (3.1.2)
    ruby_dep (1.5.0)
    ruby_ext (4.0.3)
    sass (3.7.2)
      sass-listen (~> 4.0.0)
    sass-listen (4.0.0)
      rb-fsevent (~> 0.9, >= 0.9.4)
      rb-inotify (~> 0.9, >= 0.9.7)
    shellany (0.0.1)
    signet (0.11.0)
      addressable (~> 2.3)
      faraday (~> 0.9)
      jwt (>= 1.5, < 3.0)
      multi_json (~> 1.10)
    sinatra (1.4.8)
      rack (~> 1.5)
      rack-protection (~> 1.4)
      tilt (>= 1.3, < 3)
    thin (1.7.2)
      daemons (~> 1.0, >= 1.0.9)
      eventmachine (~> 1.0, >= 1.0.4)
      rack (>= 1, < 3)
    thor (0.20.3)
    tilt (2.0.8)
    uuidtools (2.1.5)
    validatable2 (0.0.14)
    yajl-ruby (1.3.1)

PLATFORMS
  ruby

DEPENDENCIES
  bson (~> 1.12.0)
  bson_ext (~> 1.12.0)
  dalli (~> 2.6)
  eventmachine (~> 1.0.4)
  google-api-client (~> 0.7.1)
  guard (~> 2.2)
  guard-coffeescript (~> 1.3)
  guard-livereload (~> 2.0)
  guard-sass (~> 1.3)
  guard-shell (~> 0.5)
  haml (~> 4.0)
  mongo (~> 1.12.0)
  mongodb_model (~> 2.0.2)
  rack-cache (~> 1.2)
  rake
  rest-client (~> 1.7.3)
  sass (~> 3.1)
  sinatra (~> 1.4)
  thin
  yajl-ruby (~> 1.3.0)

RUBY VERSION
   ruby 2.4.1p111

BUNDLED WITH
   1.16.6
